GEM
  remote: https://rubygems.org/
  specs:
    hashie (2.0.5)
    listen (0.7.1)
    multi_json (1.7.7)
    oauth (0.4.7)
    omniauth (1.1.4)
      hashie (>= 1.2, < 3)
      rack
    omniauth-oauth (1.0.1)
      oauth
      omniauth (~> 1.0)
    omniauth-twitter (1.0.0)
      multi_json (~> 1.3)
      omniauth-oauth (~> 1.0)
    rack (1.4.2)
    rack-protection (1.3.2)
      rack
    rb-fsevent (0.9.3)
    rerun (0.7.1)
      listen
    sinatra (1.3.3)
      rack (~> 1.3, >= 1.3.6)
      rack-protection (~> 1.2)
      tilt (~> 1.3, >= 1.3.3)
    tilt (1.3.3)

PLATFORMS
  ruby

DEPENDENCIES
  omniauth
  omniauth-twitter
  rb-fsevent (~> 0.9.1)
  rerun
  sinatra
